

GROUP WK-Component
NUGET
  remote: Source
    WindowsNative (1.0.2)
