NUGET
  remote: TestB
  specs:
    Test (0.0.1)

GROUP Cumulus.1.0
NUGET
  remote: TestB
  specs:
    Test (0.0.1)
