NUGET
  remote: ..\A\bin\
  specs:
    A (2.0)
